GEM
  remote: http://rubygems.org/
  specs:
    json (1.7.3)
    metaclass (0.0.1)
    minitest (3.1.0)
    mocha (0.11.4)
      metaclass (~> 0.0.1)
    rake (0.9.2.2)

PLATFORMS
  ruby

DEPENDENCIES
  json
  minitest
  mocha
  rake
